GEM
  remote: https://rubygems.org/
  specs:
    ruby-macho (2.5.0)

PLATFORMS
  x86_64-darwin-19

DEPENDENCIES
  ruby-macho

BUNDLED WITH
   2.2.14
